GEM
  remote: https://rubygems.org/
  specs:
    gosu (0.15.1)
    minigl (2.2.8)
      gosu (~> 0.11)

PLATFORMS
  ruby

DEPENDENCIES
  gosu (~> 0.15.1)
  minigl (~> 2.2.8)

BUNDLED WITH
   2.1.4
